REDIRECTS: ON
FRAMEWORK: NET451
NUGET
  remote: https://www.nuget.org/api/v2
    Autofac (4.1.1)
    Autofac.Owin (4.0)
      Autofac (>= 3.5 < 5.0)
      Microsoft.Owin (>= 3.0 < 4.0)
    Autofac.WebApi2 (4.0.1)
      Autofac (>= 3.5 < 5.0)
      Microsoft.AspNet.WebApi.Core (>= 5.2 < 6.0)
    Autofac.WebApi2.Owin (4.0)
      Autofac (>= 3.5 < 5.0)
      Autofac.Owin (>= 4.0 < 5.0)
      Autofac.WebApi2 (>= 3.4 < 5.0)
      Microsoft.AspNet.WebApi.Owin (>= 5.2)
    Dapper (1.42)
    dbup (3.3.5)
    Elasticsearch.Net (2.3.3)
    EventStore.Client (3.4)
    HangFire.Core (1.5.3)
      Newtonsoft.Json (>= 5.0)
      Owin (>= 1.0)
    HangFire.SqlServer (1.5.3)
      HangFire.Core (1.5.3)
    JetBrains.Annotations (10.0)
    Microsoft.AspNet.WebApi.Client (5.2.3)
      Newtonsoft.Json (>= 6.0.4)
    Microsoft.AspNet.WebApi.Core (5.2.3)
      Microsoft.AspNet.WebApi.Client (>= 5.2.3)
    Microsoft.AspNet.WebApi.Owin (5.2.3)
      Microsoft.AspNet.WebApi.Core (>= 5.2.3 < 5.3)
      Microsoft.Owin (>= 2.0.2)
      Owin (>= 1.0)
    Microsoft.AspNet.WebApi.OwinSelfHost (5.2.3)
      Microsoft.AspNet.WebApi.Owin (>= 5.2.3 < 5.3)
      Microsoft.Owin.Host.HttpListener (>= 2.0.2)
      Microsoft.Owin.Hosting (>= 2.0.2)
    Microsoft.Owin (3.0.1)
      Owin (>= 1.0)
    Microsoft.Owin.Host.HttpListener (3.0.1)
    Microsoft.Owin.Hosting (3.0.1)
      Microsoft.Owin (>= 3.0.1)
      Owin (>= 1.0)
    NEST (2.3.3)
    Newtonsoft.Json (8.0.3)
    Owin (1.0)
    RabbitMQ.Client (3.6)
    System.Data.SQLite.Core (1.0.99)

GROUP Build
REDIRECTS: OFF
FRAMEWORK: NET451
NUGET
  remote: https://www.nuget.org/api/v2
    Cake (0.16.2)
    GitVersion.CommandLine (3.5.4)
    ilmerge (2.14.1208)
    NUnit.ConsoleRunner (3.4.1)
    NUnit.Extension.NUnitProjectLoader (3.4.1)
    NUnit.Extension.NUnitV2Driver (3.4.1)
    NUnit.Extension.NUnitV2ResultWriter (3.4.1)
    NUnit.Extension.TeamCityEventListener (1.0.1)
    NUnit.Extension.VSProjectLoader (3.4.1)
    NUnit.Runners (3.4.1)
      NUnit.ConsoleRunner (>= 3.4.1)
      NUnit.Extension.NUnitProjectLoader (>= 3.4.1)
      NUnit.Extension.NUnitV2Driver (>= 3.4.1)
      NUnit.Extension.NUnitV2ResultWriter (>= 3.4.1)
      NUnit.Extension.TeamCityEventListener (>= 1.0.1)
      NUnit.Extension.VSProjectLoader (>= 3.4.1)
    OpenCover (4.6.519)

GROUP Test
REDIRECTS: ON
FRAMEWORK: NET451
NUGET
  remote: https://www.nuget.org/api/v2
    AutoFixture (3.50.2)
    AutoFixture.AutoMoq (3.50.2) - framework: >= net451
      AutoFixture (>= 3.50.2)
      Moq (>= 4.1.1308.2120)
    Castle.Core (3.3.3)
    FluentAssertions (4.2.1)
    Helpz (0.1.8) - framework: >= net451
    Moq (4.5.22)
      Castle.Core (>= 3.3.3)
    NUnit (3.4.1)
